GEM
  remote: http://rubygems.org/
  specs:
    alf (0.12.0)
      backports (~> 2.3.0)
      myrrha (~> 1.2.1)
      quickl (~> 0.4.2)
    backports (2.3.0)
    bibtex-ruby (2.0.4)
      latex-decode (>= 0.0.6)
      multi_json (~> 1.0)
    diff-lcs (1.1.3)
    epath (0.0.1)
    http (0.1.0)
    latex-decode (0.0.12)
      unicode (~> 0.4)
    latex-decode (0.0.12-java)
    multi_json (1.0.4)
    myrrha (1.2.2)
    nokogiri (1.5.0)
    nokogiri (1.5.0-java)
    pdf-toolkit (1.0.0.rc1)
    quickl (0.4.2)
    rake (0.9.2.2)
    rspec (2.8.0)
      rspec-core (~> 2.8.0)
      rspec-expectations (~> 2.8.0)
      rspec-mocks (~> 2.8.0)
    rspec-core (2.8.0)
    rspec-expectations (2.8.0)
      diff-lcs (~> 1.1.2)
    rspec-mocks (2.8.0)
    unicode (0.4.1)

PLATFORMS
  java
  ruby

DEPENDENCIES
  alf (~> 0.12.0)
  bibtex-ruby (~> 2.0)
  epath (~> 0.0.1)
  http (~> 0.1.0)
  nokogiri (~> 1.5)
  pdf-toolkit (= 1.0.0.rc1)
  quickl (~> 0.4.2)
  rake (~> 0.9.2)
  rspec (~> 2.8.0)
